GEM
  remote: https://rubygems.org/
  specs:
    activesupport (7.0.1)
      concurrent-ruby (~> 1.0, >= 1.0.2)
      i18n (>= 1.6, < 2)
      minitest (>= 5.1)
      tzinfo (~> 2.0)
    ast (2.4.2)
    concurrent-ruby (1.1.9)
    i18n (1.8.11)
      concurrent-ruby (~> 1.0)
    jaro_winkler (1.5.4)
    minitest (5.15.0)
    parallel (1.21.0)
    parser (3.1.0.0)
      ast (~> 2.4.1)
    rack (2.2.3)
    rainbow (3.1.1)
    rexml (3.2.5)
    rubocop (0.82.0)
      jaro_winkler (~> 1.5.1)
      parallel (~> 1.10)
      parser (>= 2.7.0.1)
      rainbow (>= 2.2.2, < 4.0)
      rexml
      ruby-progressbar (~> 1.7)
      unicode-display_width (>= 1.4.0, < 2.0)
    rubocop-github (0.17.0)
      rubocop
      rubocop-performance
      rubocop-rails
    rubocop-performance (1.7.1)
      rubocop (>= 0.82.0)
    rubocop-rails (2.6.0)
      activesupport (>= 4.2.0)
      rack (>= 1.1)
      rubocop (>= 0.82.0)
    rubocop-rspec (1.41.0)
      rubocop (>= 0.68.1)
    ruby-progressbar (1.11.0)
    tzinfo (2.0.4)
      concurrent-ruby (~> 1.0)
    unicode-display_width (1.8.0)

PLATFORMS
  ruby

DEPENDENCIES
  rubocop (~> 0.82.0)
  rubocop-github (~> 0.17.0)
  rubocop-performance (~> 1.7.1)
  rubocop-rails (~> 2.5)
  rubocop-rspec (~> 1.41.0)

BUNDLED WITH
  2.1.4
